GEM
  remote: https://rubygems.org/
  specs:
    RedCloth (4.2.9)
    activesupport (4.2.6)
      i18n (~> 0.7)
      json (~> 1.7, >= 1.7.7)
      minitest (~> 5.1)
      thread_safe (~> 0.3, >= 0.3.4)
      tzinfo (~> 1.1)
    addressable (2.3.8)
    colorator (0.1)
    concurrent-ruby (1.0.1)
    faraday (0.9.2)
      multipart-post (>= 1.2, < 3)
    fastimage (1.9.0)
      addressable (~> 2.3.5)
    ffi (1.9.10)
    gemoji (2.1.0)
    html-pipeline (2.4.0)
      activesupport (>= 2, < 5)
      nokogiri (>= 1.4)
    i18n (0.7.0)
    jekyll (3.1.2)
      colorator (~> 0.1)
      jekyll-sass-converter (~> 1.0)
      jekyll-watch (~> 1.1)
      kramdown (~> 1.3)
      liquid (~> 3.0)
      mercenary (~> 0.3.3)
      rouge (~> 1.7)
      safe_yaml (~> 1.0)
    jekyll-assets (2.1.3)
      fastimage (~> 1.8)
      jekyll (~> 3.0)
      sprockets (~> 3.3)
      sprockets-helpers (~> 1.2)
      tilt (~> 2.0)
    jekyll-feed (0.5.0)
    jekyll-gist (1.4.0)
      octokit (~> 4.2)
    jekyll-last-modified-at (0.3.4)
      jekyll
    jekyll-mentions (1.1.2)
      html-pipeline (~> 2.3)
      jekyll (~> 3.0)
    jekyll-redirect-from (0.10.0)
      jekyll (>= 2.0)
    jekyll-sass-converter (1.4.0)
      sass (~> 3.4)
    jekyll-watch (1.3.1)
      listen (~> 3.0)
    jemoji (0.6.2)
      gemoji (~> 2.0)
      html-pipeline (~> 2.2)
      jekyll (>= 3.0)
    json (1.8.3)
    kramdown (1.10.0)
    liquid (3.0.6)
    listen (3.0.6)
      rb-fsevent (>= 0.9.3)
      rb-inotify (>= 0.9.7)
    maruku (0.7.2)
    mercenary (0.3.6)
    mini_portile2 (2.0.0)
    minitest (5.8.4)
    multipart-post (2.0.0)
    nokogiri (1.6.7.2)
      mini_portile2 (~> 2.0.0.rc2)
    octokit (4.3.0)
      sawyer (~> 0.7.0, >= 0.5.3)
    posix-spawn (0.3.11)
    pygments.rb (0.6.3)
      posix-spawn (~> 0.3.6)
      yajl-ruby (~> 1.2.0)
    rack (1.6.4)
    rb-fsevent (0.9.7)
    rb-inotify (0.9.7)
      ffi (>= 0.5.0)
    rdiscount (2.1.8)
    redcarpet (3.3.4)
    rouge (1.10.1)
    ruby (0.1.0)
    safe_yaml (1.0.4)
    sass (3.4.22)
    sawyer (0.7.0)
      addressable (>= 2.3.5, < 2.5)
      faraday (~> 0.8, < 0.10)
    sprockets (3.6.0)
      concurrent-ruby (~> 1.0)
      rack (> 1, < 3)
    sprockets-helpers (1.2.1)
      sprockets (>= 2.2)
    thread_safe (0.3.5)
    tilt (2.0.2)
    tzinfo (1.2.2)
      thread_safe (~> 0.1)
    yajl-ruby (1.2.1)

PLATFORMS
  ruby

DEPENDENCIES
  RedCloth
  html-pipeline
  jekyll
  jekyll-assets
  jekyll-feed
  jekyll-gist
  jekyll-last-modified-at
  jekyll-mentions
  jekyll-redirect-from
  jekyll-sass-converter
  jemoji
  kramdown
  liquid
  maruku
  pygments.rb
  rdiscount
  redcarpet
  ruby
  safe_yaml
  sass

BUNDLED WITH
   1.11.2
